GEM
  remote: https://rubygems.org/
  specs:
    faraday (1.1.0)
      multipart-post (>= 1.2, < 3)
      ruby2_keywords
    hanami-router (2.0.0.alpha3)
      mustermann (~> 1.0)
      mustermann-contrib (~> 1.0)
      rack (~> 2.0)
    hansi (0.2.0)
    hibana (0.2.0)
      hanami-router (>= 2.0.0.alpha3)
      rack
      tilt
    mini_portile2 (2.4.0)
    multipart-post (2.1.1)
    mustermann (1.1.1)
      ruby2_keywords (~> 0.0.1)
    mustermann-contrib (1.1.1)
      hansi (~> 0.2.0)
      mustermann (= 1.1.1)
    nokogiri (1.10.10)
      mini_portile2 (~> 2.4.0)
    rack (2.2.3)
    rack-capture (0.4.0)
      rack
    rake (13.0.1)
    ruby2_keywords (0.0.2)
    thor (1.0.1)
    tilt (2.0.10)
    weneedfeed (0.6.1)
      faraday
      hibana (>= 0.2)
      nokogiri
      rack-capture (>= 0.4.0)
      thor

PLATFORMS
  ruby

DEPENDENCIES
  rake
  weneedfeed

BUNDLED WITH
   1.17.2
